GEM
  remote: http://rubygems.org/
  specs:
    basiccache (1.0.0)
    githubchart (3.3.1)
      githubstats (~> 3.2.0)
      svgplot (~> 1.0.0)
    githubstats (3.2.0)
      basiccache (~> 1.0.0)
      nokogiri (~> 1.10.8)
    mini_portile2 (2.4.0)
    mustermann (1.1.1)
      ruby2_keywords (~> 0.0.1)
    nokogiri (1.10.10)
      mini_portile2 (~> 2.4.0)
    rack (2.2.3)
    rack-protection (2.2.0)
      rack
    ruby2_keywords (0.0.5)
    sinatra (2.2.0)
      mustermann (~> 1.0)
      rack (~> 2.2)
      rack-protection (= 2.2.0)
      tilt (~> 2.0)
    svgplot (1.0.0)
    tilt (2.0.10)

PLATFORMS
  ruby

DEPENDENCIES
  githubchart (>= 3.3.1)
  sinatra

RUBY VERSION
   ruby 2.6.6p146

BUNDLED WITH
   1.17.3
