GEM
  remote: http://rubygems.org/
  specs:
    basiccache (1.0.0)
    githubchart (3.3.1)
      githubstats (~> 3.2.0)
      svgplot (~> 1.0.0)
    githubstats (3.2.0)
      basiccache (~> 1.0.0)
      nokogiri (~> 1.10.8)
    mini_portile2 (2.4.0)
    nokogiri (1.10.10)
      mini_portile2 (~> 2.4.0)
    rack (1.6.4)
    rack-protection (1.5.3)
      rack
    sinatra (1.4.6)
      rack (~> 1.4)
      rack-protection (~> 1.4)
      tilt (>= 1.3, < 3)
    svgplot (1.0.0)
    tilt (2.0.1)

PLATFORMS
  ruby

DEPENDENCIES
  githubchart (>= 3.3.1)
  sinatra

RUBY VERSION
   ruby 2.6.6p146

BUNDLED WITH
   1.17.3
